PATH
  remote: ../../../areef
  specs:
    areef (0.1.0)
      rack (~> 1.0)

GEM
  remote: https://rubygems.org/
  specs:
    rack (1.6.4)

PLATFORMS
  ruby

DEPENDENCIES
  areef!

BUNDLED WITH
   1.11.2
