PATH
  remote: ../../../areef
  specs:
    areef (0.1.0)
      erubis (= 2.7.0)
      pry
      pry-nav (= 0.2.4)
      rack (~> 1.0)
      sqlite3 (= 1.3.11)
      tilt (= 2.0.1)

GEM
  remote: https://rubygems.org/
  specs:
    coderay (1.1.1)
    erubis (2.7.0)
    method_source (0.8.2)
    pry (0.10.3)
      coderay (~> 1.1.0)
      method_source (~> 0.8.1)
      slop (~> 3.4)
    pry-nav (0.2.4)
      pry (>= 0.9.10, < 0.11.0)
    rack (1.6.4)
    slop (3.6.0)
    sqlite3 (1.3.11)
    tilt (2.0.1)

PLATFORMS
  ruby

DEPENDENCIES
  areef!

BUNDLED WITH
   1.11.2
